GEM
  remote: https://rubygems.org/
  specs:
    coderay (1.1.1)
    method_source (0.8.2)
    minitest (5.10.2)
    minitest-rg (5.2.0)
      minitest (~> 5.0)
    pry (0.9.12.3-x86-mingw32)
      coderay (~> 1.0)
      method_source (~> 0.8)
      slop (~> 3.4)
      win32console (~> 1.3)
    slop (3.6.0)
    win32console (1.3.2-x86-mingw32)

PLATFORMS
  x86-mingw32

DEPENDENCIES
  minitest (~> 5.8, >= 5.8.4)
  minitest-rg
  pry (~> 0.9.10)

BUNDLED WITH
   1.15.0
